GEM
  remote: https://rubygems.org/
  specs:
    chunky_png (1.4.0)

PLATFORMS
  ruby
  x86_64-linux

DEPENDENCIES
  chunky_png

BUNDLED WITH
   2.8.0.dev
