GEM
  remote: https://rubygems.org/
  specs:
    language_server-protocol (3.17.0.5)
    logger (1.7.0)
    prism (1.4.0)
    rbs (3.9.4)
      logger
    ruby-lsp (0.26.1)
      language_server-protocol (~> 3.17.0)
      prism (>= 1.2, < 2.0)
      rbs (>= 3, < 5)

PLATFORMS
  ruby
  x86_64-linux

DEPENDENCIES
  ruby-lsp (>= 0.13.4)

BUNDLED WITH
   2.8.0.dev
