GEM
  remote: https://rubygems.org/
  specs:
    language_server-protocol (3.17.0.5)
    logger (1.7.0)
    prism (1.4.0)
    rbs (3.9.4)
      logger
    ruby-lsp (0.17.17)
      language_server-protocol (~> 3.17.0)
      prism (~> 1.0)
      rbs (>= 3, < 4)
      sorbet-runtime (>= 0.5.10782)
    sorbet-runtime (0.5.12366)

PLATFORMS
  ruby
  x86_64-linux

DEPENDENCIES
  ruby-lsp (~> 0.17.4)

BUNDLED WITH
   2.8.0.dev
