GIT
  remote: https://github.com/sacckey/rubyboy
  revision: e6c7d1d64ed7c6edb0ec6bae25ae3e7ec4cc9319
  specs:
    rubyboy (1.5.0)
      ffi (~> 1.16, >= 1.16.3)

GEM
  remote: https://rubygems.org/
  specs:
    ffi (1.17.2)

PLATFORMS
  aarch64-linux-gnu
  aarch64-linux-musl
  arm-linux-gnu
  arm-linux-musl
  arm64-darwin
  ruby
  x86-linux-gnu
  x86-linux-musl
  x86_64-darwin
  x86_64-linux-gnu
  x86_64-linux-musl

DEPENDENCIES
  rubyboy!

BUNDLED WITH
   2.4.19
