GIT
  remote: https://github.com/sacckey/rubyboy
  revision: a60a944720ec11e3aebd819e352aa779b1008e48
  specs:
    rubyboy (1.5.1)
      ffi (~> 1.16, >= 1.16.3)

GEM
  remote: https://rubygems.org/
  specs:
    ffi (1.17.2)

PLATFORMS
  ruby
  x86_64-linux

DEPENDENCIES
  rubyboy!

BUNDLED WITH
   2.8.0.dev
