GEM
  remote: https://rubygems.org/
  specs:
    cmdparse (3.0.7)
    geom2d (0.4.1)
    hexapdf (0.16.0)
      cmdparse (~> 3.0, >= 3.0.3)
      geom2d (~> 0.3)

PLATFORMS
  ruby
  x86_64-linux

DEPENDENCIES
  hexapdf (~> 0.16.0)

BUNDLED WITH
   2.8.0.dev
