GEM
  remote: https://rubygems.org/
  specs:
    cmdparse (3.0.7)
    geom2d (0.3.1)
    hexapdf (0.16.0)
      cmdparse (~> 3.0, >= 3.0.3)
      geom2d (~> 0.3)

PLATFORMS
  ruby
  universal-java-11
  x86_64-darwin-20
  x86_64-linux

DEPENDENCIES
  hexapdf

BUNDLED WITH
   2.4.19
