GEM
  remote: https://rubygems.org/
  specs:
    cmdparse (3.0.7)
    geom2d (0.4.1)
    hexapdf (1.3.0)
      cmdparse (~> 3.0, >= 3.0.3)
      geom2d (~> 0.4, >= 0.4.1)
      openssl (>= 2.2.1)
      strscan (>= 3.1.2)
    openssl (3.3.0)
    strscan (3.1.5)

PLATFORMS
  ruby
  x86_64-linux

DEPENDENCIES
  hexapdf

BUNDLED WITH
   2.8.0.dev
