GEM
  remote: https://rubygems.org/
  specs:
    chunky_png (1.4.0)

PLATFORMS
  arm64-darwin-21
  arm64-darwin-22
  x86_64-linux

DEPENDENCIES
  chunky_png

BUNDLED WITH
   2.2.30
