GEM
  remote: https://rubygems.org/
  specs:
    bigdecimal (3.1.6)
    mini_portile2 (2.8.1)
    sequel (5.68.0)
    sqlite3 (1.5.4)
      mini_portile2 (~> 2.8.0)

PLATFORMS
  arm64-darwin-22
  arm64-darwin-23
  x86_64-darwin-20
  x86_64-linux

DEPENDENCIES
  bigdecimal
  jdbc-sqlite3 (~> 3.32.3)
  sequel (~> 5.63)
  sqlite3 (~> 1.4)

BUNDLED WITH
   2.4.19
