GEM
  remote: https://rubygems.org/
  specs:
    bigdecimal (3.2.2)
    mini_portile2 (2.8.9)
    sequel (5.94.0)
      bigdecimal
    sqlite3 (1.7.3)
      mini_portile2 (~> 2.8.0)

PLATFORMS
  ruby
  x86_64-linux

DEPENDENCIES
  bigdecimal
  jdbc-sqlite3 (~> 3.32.3)
  sequel (~> 5.63)
  sqlite3 (~> 1.4)

BUNDLED WITH
   2.8.0.dev
