GEM
  remote: https://rubygems.org/
  specs:
    rack (3.0.8)

PLATFORMS
  arm64-darwin-21
  x86_64-linux

DEPENDENCIES
  rack

BUNDLED WITH
   2.4.13
