GEM
  remote: https://rubygems.org/
  specs:
    cgi (0.4.2)
    rack (3.0.8)

PLATFORMS
  arm64-darwin-21
  arm64-darwin-22
  arm64-darwin-23
  arm64-darwin-24
  x86_64-linux

DEPENDENCIES
  cgi
  rack

BUNDLED WITH
   2.4.19
