GEM
  remote: https://rubygems.org/
  specs:
    cgi (0.5.0)
    rack (3.2.0)

PLATFORMS
  ruby
  x86_64-linux

DEPENDENCIES
  cgi
  rack

BUNDLED WITH
   2.8.0.dev
