GEM
  remote: https://rubygems.org/
  specs:
    tinygql (0.3.0)

PLATFORMS
  arm64-darwin-22
  arm64-darwin-23
  arm64-darwin-24
  x86_64-linux

DEPENDENCIES
  tinygql

BUNDLED WITH
   2.4.19
