GEM
  remote: https://rubygems.org/
  specs:
    erubi (1.10.0)

PLATFORMS
  arm64-darwin-21
  arm64-darwin-22
  x86_64-darwin-20
  x86_64-darwin-21
  x86_64-linux

DEPENDENCIES
  erubi

BUNDLED WITH
   2.4.0.dev
