GEM
  remote: https://rubygems.org/
  specs:
    psych (4.0.6)
      stringio
    stringio (3.1.7)

PLATFORMS
  ruby
  x86_64-linux

DEPENDENCIES
  psych (~> 4.0.0)

BUNDLED WITH
   2.8.0.dev
