GEM
  remote: https://rubygems.org/
  specs:
    psych (4.0.1)

PLATFORMS
  ruby
  x86_64-darwin-20

DEPENDENCIES
  psych (~> 4.0.0)

BUNDLED WITH
   2.4.19
