GIT
  remote: https://github.com/k0kubun/cool.io.git
  revision: 61e3caf8b961fb1a4d46b367eb58ebcddb45da4a
  branch: ruby-3-3
  specs:
    cool.io (1.7.1)

GEM
  remote: https://rubygems.org/
  specs:
    concurrent-ruby (1.2.2)
    fluentd (1.16.2)
      bundler
      cool.io (>= 1.4.5, < 2.0.0)
      http_parser.rb (>= 0.5.1, < 0.9.0)
      msgpack (>= 1.3.1, < 2.0.0)
      serverengine (>= 2.3.2, < 3.0.0)
      sigdump (~> 0.2.5)
      strptime (>= 0.2.4, < 1.0.0)
      tzinfo (>= 1.0, < 3.0)
      tzinfo-data (~> 1.0)
      webrick (~> 1.4)
      yajl-ruby (~> 1.0)
    http_parser.rb (0.8.0)
    msgpack (1.7.2)
    serverengine (2.3.2)
      sigdump (~> 0.2.2)
    sigdump (0.2.5)
    strptime (0.2.5)
    tzinfo (2.0.6)
      concurrent-ruby (~> 1.0)
    tzinfo-data (1.2023.3)
      tzinfo (>= 1.0.0)
    webrick (1.8.1)
    yajl-ruby (1.4.3)

PLATFORMS
  arm64-darwin-22
  x86_64-linux

DEPENDENCIES
  cool.io!
  fluentd

BUNDLED WITH
   2.4.1
