GEM
  remote: https://rubygems.org/
  specs:
    base64 (0.3.0)
    fiber-storage (1.0.1)
    graphql (2.5.11)
      base64
      fiber-storage
      logger
    logger (1.7.0)
    racc (1.8.1)

PLATFORMS
  ruby
  x86_64-linux

DEPENDENCIES
  base64
  graphql
  racc

BUNDLED WITH
   2.8.0.dev
