GEM
  remote: https://rubygems.org/
  specs:
    graphql (2.0.26)
    racc (1.7.1)

PLATFORMS
  arm64-darwin-22

DEPENDENCIES
  graphql (~> 2.0.26)
  racc

BUNDLED WITH
   2.5.0.dev
